GENERATE-LOAD-SCRIPTS: ON
RESTRICTION: || (== net7.0) (== netstandard2.0)
NUGET
  remote: https://api.nuget.org/v3/index.json
    Argu (6.1.1)
      FSharp.Core (>= 4.3.2)
      System.Configuration.ConfigurationManager (>= 4.4)
    Deedle (3.0)
      FSharp.Core (>= 4.5.2)
    FsCheck (2.16.5)
      FSharp.Core (>= 4.2.3)
    FsCheck.Xunit (2.16.5)
      FsCheck (2.16.5)
      xunit.extensibility.execution (>= 2.2 < 3.0)
    FSharp.Control.AsyncSeq (3.2.1)
      FSharp.Core (>= 4.7.2)
      Microsoft.Bcl.AsyncInterfaces (>= 5.0)
    FSharp.Core (7.0.300)
    FSharp.Data (6.2)
      FSharp.Core (>= 5.0.1)
      FSharp.Data.Csv.Core (>= 6.2)
      FSharp.Data.Html.Core (>= 6.2)
      FSharp.Data.Http (>= 6.2)
      FSharp.Data.Json.Core (>= 6.2)
      FSharp.Data.Runtime.Utilities (>= 6.2)
      FSharp.Data.WorldBank.Core (>= 6.2)
      FSharp.Data.Xml.Core (>= 6.2)
    FSharp.Data.Csv.Core (6.2)
      FSharp.Core (>= 5.0.1)
      FSharp.Data.Runtime.Utilities (>= 6.2)
    FSharp.Data.Html.Core (6.2)
      FSharp.Core (>= 5.0.1)
      FSharp.Data.Csv.Core (>= 6.2)
      FSharp.Data.Runtime.Utilities (>= 6.2)
    FSharp.Data.Http (6.2)
      FSharp.Core (>= 5.0.1)
    FSharp.Data.Json.Core (6.2)
      FSharp.Core (>= 5.0.1)
      FSharp.Data.Http (>= 6.2)
      FSharp.Data.Runtime.Utilities (>= 6.2)
    FSharp.Data.Runtime.Utilities (6.2)
      FSharp.Core (>= 5.0.1)
      FSharp.Data.Http (>= 6.2)
    FSharp.Data.WorldBank.Core (6.2)
      FSharp.Core (>= 5.0.1)
      FSharp.Data.Http (>= 6.2)
      FSharp.Data.Json.Core (>= 6.2)
      FSharp.Data.Runtime.Utilities (>= 6.2)
    FSharp.Data.Xml.Core (6.2)
      FSharp.Core (>= 5.0.1)
      FSharp.Data.Http (>= 6.2)
      FSharp.Data.Json.Core (>= 6.2)
      FSharp.Data.Runtime.Utilities (>= 6.2)
    FSharpx.Async (1.14.1)
      FSharp.Control.AsyncSeq (>= 2.0.21)
      FSharp.Core (>= 4.6.2)
    FSharpx.Collections (3.1)
      FSharp.Core (>= 4.3.4)
    FSharpx.Extras (3.1)
      FSharp.Core (>= 4.6.2)
      FSharpx.Async (>= 1.14.1)
      FSharpx.Collections (>= 2.1.2)
      System.Reflection.Emit.Lightweight (>= 4.7)
    MathNet.Numerics (5.0)
    MathNet.Numerics.FSharp (5.0)
      FSharp.Core (>= 6.0.2)
      MathNet.Numerics (>= 5.0)
    MathNet.Numerics.MKL.Win-x64 (3.0)
      MathNet.Numerics.Providers.MKL (>= 5.0)
    MathNet.Numerics.Providers.MKL (5.0)
      MathNet.Numerics (>= 5.0)
    Microsoft.Bcl.AsyncInterfaces (7.0)
      System.Threading.Tasks.Extensions (>= 4.5.4) - restriction: || (&& (== net7.0) (>= net462)) (&& (== net7.0) (< netstandard2.1)) (== netstandard2.0)
    Microsoft.CodeCoverage (17.6.2) - restriction: || (== net7.0) (&& (== netstandard2.0) (>= net462)) (&& (== netstandard2.0) (>= netcoreapp3.1))
    Microsoft.NET.Test.Sdk (17.6.2)
      Microsoft.CodeCoverage (>= 17.6.2) - restriction: || (== net7.0) (&& (== netstandard2.0) (>= net462)) (&& (== netstandard2.0) (>= netcoreapp3.1))
      Microsoft.TestPlatform.TestHost (>= 17.6.2) - restriction: || (== net7.0) (&& (== netstandard2.0) (>= netcoreapp3.1))
    Microsoft.NETCore.Platforms (7.0.2)
    Microsoft.TestPlatform.ObjectModel (17.6.2) - restriction: || (== net7.0) (&& (== netstandard2.0) (>= netcoreapp3.1))
      NuGet.Frameworks (>= 6.5)
      System.Reflection.Metadata (>= 1.6)
    Microsoft.TestPlatform.TestHost (17.6.2) - restriction: || (== net7.0) (&& (== netstandard2.0) (>= netcoreapp3.1))
      Microsoft.TestPlatform.ObjectModel (>= 17.6.2) - restriction: || (== net7.0) (&& (== netstandard2.0) (>= netcoreapp3.1))
      Newtonsoft.Json (>= 13.0.1) - restriction: || (== net7.0) (&& (== netstandard2.0) (>= netcoreapp3.1))
    Microsoft.Win32.SystemEvents (7.0) - restriction: || (== net7.0) (&& (== netstandard2.0) (>= net6.0))
    NETStandard.Library (2.0.3)
      Microsoft.NETCore.Platforms (>= 1.1)
    Newtonsoft.Json (13.0.3) - restriction: || (== net7.0) (&& (== netstandard2.0) (>= netcoreapp3.1))
    NuGet.Frameworks (6.6) - restriction: || (== net7.0) (&& (== netstandard2.0) (>= netcoreapp3.1))
    QLNet (1.11.4)
      System.Reflection.Emit.Lightweight (>= 4.3)
    Serilog (2.12)
    Serilog.Sinks.File (5.0)
      Serilog (>= 2.10)
    System.Buffers (4.5.1) - restriction: || (&& (== net7.0) (>= monotouch)) (&& (== net7.0) (>= net461)) (&& (== net7.0) (< net6.0) (>= xamarinios)) (&& (== net7.0) (< net6.0) (>= xamarinmac)) (&& (== net7.0) (< net6.0) (>= xamarintvos)) (&& (== net7.0) (< net6.0) (>= xamarinwatchos)) (&& (== net7.0) (< netcoreapp2.0)) (&& (== net7.0) (< netstandard1.1)) (&& (== net7.0) (< netstandard2.0)) (== netstandard2.0)
    System.Collections.Immutable (7.0) - restriction: || (== net7.0) (&& (== netstandard2.0) (>= netcoreapp3.1))
    System.Configuration.ConfigurationManager (7.0)
      System.Diagnostics.EventLog (>= 7.0) - restriction: || (== net7.0) (&& (== netstandard2.0) (>= net7.0))
      System.Security.Cryptography.ProtectedData (>= 7.0)
      System.Security.Permissions (>= 7.0)
    System.Diagnostics.EventLog (7.0) - restriction: || (== net7.0) (&& (== netstandard2.0) (>= net7.0))
    System.Drawing.Common (7.0) - restriction: || (== net7.0) (&& (== netstandard2.0) (>= net6.0))
      Microsoft.Win32.SystemEvents (>= 7.0) - restriction: || (== net7.0) (&& (== netstandard2.0) (>= net6.0))
    System.Memory (4.5.5) - restriction: || (&& (== net7.0) (< net6.0)) (== netstandard2.0)
      System.Buffers (>= 4.5.1) - restriction: || (&& (== net7.0) (>= monotouch)) (&& (== net7.0) (>= net461)) (&& (== net7.0) (< netcoreapp2.0)) (&& (== net7.0) (< netstandard1.1)) (&& (== net7.0) (< netstandard2.0)) (&& (== net7.0) (>= xamarinios)) (&& (== net7.0) (>= xamarinmac)) (&& (== net7.0) (>= xamarintvos)) (&& (== net7.0) (>= xamarinwatchos)) (== netstandard2.0)
      System.Numerics.Vectors (>= 4.4) - restriction: || (&& (== net7.0) (< netcoreapp2.0)) (== netstandard2.0)
      System.Runtime.CompilerServices.Unsafe (>= 4.5.3) - restriction: || (&& (== net7.0) (>= monotouch)) (&& (== net7.0) (>= net461)) (&& (== net7.0) (< netcoreapp2.0)) (&& (== net7.0) (< netcoreapp2.1)) (&& (== net7.0) (< netstandard1.1)) (&& (== net7.0) (< netstandard2.0)) (&& (== net7.0) (>= uap10.1)) (&& (== net7.0) (>= xamarinios)) (&& (== net7.0) (>= xamarinmac)) (&& (== net7.0) (>= xamarintvos)) (&& (== net7.0) (>= xamarinwatchos)) (== netstandard2.0)
    System.Numerics.Vectors (4.5) - restriction: || (&& (== net7.0) (< netcoreapp2.0)) (== netstandard2.0)
    System.Reflection.Emit.ILGeneration (4.7) - restriction: || (&& (== net7.0) (< netcoreapp2.0) (< netstandard2.1)) (&& (== net7.0) (< netstandard2.0)) (&& (== net7.0) (< portable-net45+wp8)) (&& (== net7.0) (>= uap10.1)) (== netstandard2.0)
    System.Reflection.Emit.Lightweight (4.7)
      System.Reflection.Emit.ILGeneration (>= 4.7) - restriction: || (&& (== net7.0) (< netcoreapp2.0) (< netstandard2.1)) (&& (== net7.0) (< netstandard2.0)) (&& (== net7.0) (< portable-net45+wp8)) (&& (== net7.0) (>= uap10.1)) (== netstandard2.0)
    System.Reflection.Metadata (7.0.1) - restriction: || (== net7.0) (&& (== netstandard2.0) (>= netcoreapp3.1))
      System.Collections.Immutable (>= 7.0)
    System.Runtime.CompilerServices.Unsafe (6.0) - restriction: || (&& (== net7.0) (>= monotouch)) (&& (== net7.0) (>= net461)) (&& (== net7.0) (< net6.0) (>= xamarinios)) (&& (== net7.0) (< net6.0) (>= xamarinmac)) (&& (== net7.0) (< net6.0) (>= xamarintvos)) (&& (== net7.0) (< net6.0) (>= xamarinwatchos)) (&& (== net7.0) (< netcoreapp2.0)) (&& (== net7.0) (< netcoreapp2.1)) (&& (== net7.0) (< netstandard1.1)) (&& (== net7.0) (< netstandard2.0)) (&& (== net7.0) (>= uap10.1)) (== netstandard2.0)
    System.Security.AccessControl (6.0) - restriction: || (&& (== net7.0) (>= net462)) (&& (== net7.0) (< net6.0)) (== netstandard2.0)
      System.Security.Principal.Windows (>= 5.0) - restriction: || (&& (== net7.0) (>= net461)) (&& (== net7.0) (< net6.0)) (== netstandard2.0)
    System.Security.Cryptography.ProtectedData (7.0.1)
      System.Memory (>= 4.5.5) - restriction: || (&& (== net7.0) (< net6.0)) (== netstandard2.0)
    System.Security.Permissions (7.0)
      System.Security.AccessControl (>= 6.0) - restriction: || (&& (== net7.0) (>= net462)) (&& (== net7.0) (< net6.0)) (== netstandard2.0)
      System.Windows.Extensions (>= 7.0) - restriction: || (== net7.0) (&& (== netstandard2.0) (>= net6.0))
    System.Security.Principal.Windows (5.0) - restriction: || (&& (== net7.0) (>= net461)) (&& (== net7.0) (>= net462)) (&& (== net7.0) (< net6.0)) (== netstandard2.0)
    System.Threading.Tasks.Extensions (4.5.4) - restriction: || (&& (== net7.0) (>= net462)) (&& (== net7.0) (< netstandard2.1)) (== netstandard2.0)
      System.Runtime.CompilerServices.Unsafe (>= 4.5.3) - restriction: || (&& (== net7.0) (>= net461)) (&& (== net7.0) (< netcoreapp2.1)) (&& (== net7.0) (< netstandard1.0)) (&& (== net7.0) (< netstandard2.0)) (&& (== net7.0) (>= wp8)) (== netstandard2.0)
    System.Windows.Extensions (7.0) - restriction: || (== net7.0) (&& (== netstandard2.0) (>= net6.0))
      System.Drawing.Common (>= 7.0) - restriction: || (== net7.0) (&& (== netstandard2.0) (>= net6.0))
    xunit (2.4.2)
      xunit.analyzers (>= 1.0)
      xunit.assert (>= 2.4.2)
      xunit.core (2.4.2)
    xunit.abstractions (2.0.3)
    xunit.analyzers (1.1)
    xunit.assert (2.4.2)
      NETStandard.Library (>= 1.6.1)
    xunit.core (2.4.2)
      xunit.extensibility.core (2.4.2)
      xunit.extensibility.execution (2.4.2)
    xunit.extensibility.core (2.4.2)
      NETStandard.Library (>= 1.6.1)
      xunit.abstractions (>= 2.0.3)
    xunit.extensibility.execution (2.4.2)
      NETStandard.Library (>= 1.6.1)
      xunit.extensibility.core (2.4.2)
    xunit.runner.visualstudio (2.4.5)
