GENERATE-LOAD-SCRIPTS: ON
RESTRICTION: || (== net5.0) (== netcoreapp3.1) (== netstandard2.0)
NUGET
  remote: https://api.nuget.org/v3/index.json
    Argu (6.1.1)
      FSharp.Core (>= 4.3.2)
      System.Configuration.ConfigurationManager (>= 4.4)
    Deedle (2.3)
      FSharp.Core (>= 4.5.2)
    DiffSharp (0.7.7)
      FSharp.Quotations.Evaluator (>= 1.0.6)
    FsCheck (2.14.3)
      FSharp.Core (>= 4.2.3)
    FsCheck.Xunit (2.14.3)
      FsCheck (2.14.3)
      xunit.extensibility.execution (>= 2.2 < 3.0)
    FSharp.Control.AsyncSeq (2.0.23)
      FSharp.Core (>= 4.3.2)
    FSharp.Core (5.0)
    FSharp.Data (3.3.3)
      FSharp.Core (>= 4.3.4)
    FSharp.Quotations.Evaluator (2.1)
      FSharp.Core (>= 4.3.1)
    FSharpx.Async (1.14.1)
      FSharp.Control.AsyncSeq (>= 2.0.21)
      FSharp.Core (>= 4.6.2)
    FSharpx.Collections (2.1.3)
      FSharp.Core (>= 4.3.4)
    FSharpx.Extras (2.5)
      FSharp.Core (>= 4.6.2)
      FSharpx.Async (>= 1.14.1)
      FSharpx.Collections (>= 2.1.2)
      System.Reflection.Emit.Lightweight (>= 4.7)
    Google.DataTable.Net.Wrapper (4.0)
    MathNet.Numerics (4.12)
    MathNet.Numerics.FSharp (4.12)
      FSharp.Core (>= 4.3.3)
      MathNet.Numerics (>= 4.12)
    Microsoft.CodeCoverage (16.8) - restriction: || (== net5.0) (== netcoreapp3.1) (&& (== netstandard2.0) (>= net45)) (&& (== netstandard2.0) (>= netcoreapp2.1))
    Microsoft.NET.Test.Sdk (16.8)
      Microsoft.CodeCoverage (>= 16.8) - restriction: || (== net5.0) (== netcoreapp3.1) (&& (== netstandard2.0) (>= net45)) (&& (== netstandard2.0) (>= netcoreapp2.1))
      Microsoft.TestPlatform.TestHost (>= 16.8) - restriction: || (== net5.0) (== netcoreapp3.1) (&& (== netstandard2.0) (>= netcoreapp2.1))
    Microsoft.NETCore.Platforms (5.0)
    Microsoft.NETCore.Targets (5.0)
    Microsoft.TestPlatform.ObjectModel (16.8) - restriction: || (== net5.0) (== netcoreapp3.1) (&& (== netstandard2.0) (>= netcoreapp2.1))
      NuGet.Frameworks (>= 5.0)
    Microsoft.TestPlatform.TestHost (16.8) - restriction: || (== net5.0) (== netcoreapp3.1) (&& (== netstandard2.0) (>= netcoreapp2.1))
      Microsoft.TestPlatform.ObjectModel (>= 16.8) - restriction: || (== net5.0) (== netcoreapp3.1) (&& (== netstandard2.0) (>= netcoreapp2.1)) (&& (== netstandard2.0) (>= uap10.0))
      Newtonsoft.Json (>= 9.0.1) - restriction: || (== net5.0) (== netcoreapp3.1) (&& (== netstandard2.0) (>= netcoreapp2.1)) (&& (== netstandard2.0) (>= uap10.0))
    Microsoft.Win32.SystemEvents (5.0) - restriction: || (== net5.0) (== netcoreapp3.1) (&& (== netstandard2.0) (>= netcoreapp3.0))
      Microsoft.NETCore.Platforms (>= 5.0) - restriction: || (== net5.0) (== netcoreapp3.1) (&& (== netstandard2.0) (>= netcoreapp2.0))
    Nager.Date (1.26.4)
    NETStandard.Library (2.0.3)
      Microsoft.NETCore.Platforms (>= 1.1)
    Newtonsoft.Json (12.0.3)
    NuGet.Frameworks (5.8) - restriction: || (== net5.0) (== netcoreapp3.1) (&& (== netstandard2.0) (>= netcoreapp2.1))
    QLNet (1.11.4)
      System.Reflection.Emit.Lightweight (>= 4.3)
    runtime.native.System (4.3.1) - restriction: || (== net5.0) (== netcoreapp3.1) (&& (== netstandard2.0) (>= netcoreapp1.1))
      Microsoft.NETCore.Platforms (>= 1.1.1)
      Microsoft.NETCore.Targets (>= 1.1.3)
    Serilog (2.10)
    Serilog.Sinks.Console (3.1.1)
      Serilog (>= 2.5)
      System.Console (>= 4.3)
      System.Runtime.InteropServices (>= 4.3) - restriction: || (== net5.0) (== netcoreapp3.1) (&& (== netstandard2.0) (>= netcoreapp1.1))
      System.Runtime.InteropServices.RuntimeInformation (>= 4.3) - restriction: || (== net5.0) (== netcoreapp3.1) (&& (== netstandard2.0) (>= netcoreapp1.1))
    Serilog.Sinks.File (4.1)
      Serilog (>= 2.5)
      System.IO.FileSystem (>= 4.0.1)
      System.Text.Encoding.Extensions (>= 4.0.11)
      System.Threading.Timer (>= 4.0.1)
    System.Buffers (4.5.1) - restriction: || (&& (== net5.0) (>= monoandroid)) (&& (== net5.0) (>= monotouch)) (&& (== net5.0) (>= net461)) (&& (== net5.0) (< netcoreapp2.0)) (&& (== net5.0) (< netstandard1.1)) (&& (== net5.0) (< netstandard2.0)) (&& (== net5.0) (>= xamarinios)) (&& (== net5.0) (>= xamarinmac)) (&& (== net5.0) (>= xamarintvos)) (&& (== net5.0) (>= xamarinwatchos)) (&& (== netcoreapp3.1) (>= monoandroid)) (&& (== netcoreapp3.1) (>= monotouch)) (&& (== netcoreapp3.1) (>= net461)) (&& (== netcoreapp3.1) (< netcoreapp2.0)) (&& (== netcoreapp3.1) (< netstandard1.1)) (&& (== netcoreapp3.1) (< netstandard2.0)) (&& (== netcoreapp3.1) (>= xamarinios)) (&& (== netcoreapp3.1) (>= xamarinmac)) (&& (== netcoreapp3.1) (>= xamarintvos)) (&& (== netcoreapp3.1) (>= xamarinwatchos)) (== netstandard2.0)
    System.Configuration.ConfigurationManager (5.0)
      System.Security.Cryptography.ProtectedData (>= 5.0)
      System.Security.Permissions (>= 5.0)
    System.Console (4.3.1)
      Microsoft.NETCore.Platforms (>= 1.1)
      Microsoft.NETCore.Targets (>= 1.1.2)
      System.IO (>= 4.3)
      System.Runtime (>= 4.3)
      System.Text.Encoding (>= 4.3)
    System.Drawing.Common (5.0) - restriction: || (== net5.0) (== netcoreapp3.1) (&& (== netstandard2.0) (>= netcoreapp3.0))
      Microsoft.Win32.SystemEvents (>= 5.0) - restriction: || (== net5.0) (== netcoreapp3.1) (&& (== netstandard2.0) (>= netcoreapp2.0))
    System.Globalization (4.3) - restriction: || (== net5.0) (== netcoreapp3.1) (&& (== netstandard2.0) (>= netcoreapp1.1))
      Microsoft.NETCore.Platforms (>= 1.1)
      Microsoft.NETCore.Targets (>= 1.1)
      System.Runtime (>= 4.3)
    System.IO (4.3)
      Microsoft.NETCore.Platforms (>= 1.1)
      Microsoft.NETCore.Targets (>= 1.1)
      System.Runtime (>= 4.3)
      System.Text.Encoding (>= 4.3)
      System.Threading.Tasks (>= 4.3)
    System.IO.FileSystem (4.3)
      Microsoft.NETCore.Platforms (>= 1.1)
      Microsoft.NETCore.Targets (>= 1.1)
      System.IO (>= 4.3)
      System.IO.FileSystem.Primitives (>= 4.3)
      System.Runtime (>= 4.3)
      System.Runtime.Handles (>= 4.3)
      System.Text.Encoding (>= 4.3)
      System.Threading.Tasks (>= 4.3)
    System.IO.FileSystem.Primitives (4.3)
      System.Runtime (>= 4.3)
    System.Memory (4.5.4) - restriction: || (&& (== net5.0) (< netcoreapp2.1)) (&& (== netcoreapp3.1) (< netcoreapp2.1)) (== netstandard2.0)
      System.Buffers (>= 4.5.1) - restriction: || (&& (== net5.0) (>= monoandroid)) (&& (== net5.0) (>= monotouch)) (&& (== net5.0) (>= net461)) (&& (== net5.0) (< netcoreapp2.0)) (&& (== net5.0) (< netstandard1.1)) (&& (== net5.0) (< netstandard2.0)) (&& (== net5.0) (>= xamarinios)) (&& (== net5.0) (>= xamarinmac)) (&& (== net5.0) (>= xamarintvos)) (&& (== net5.0) (>= xamarinwatchos)) (&& (== netcoreapp3.1) (>= monoandroid)) (&& (== netcoreapp3.1) (>= monotouch)) (&& (== netcoreapp3.1) (>= net461)) (&& (== netcoreapp3.1) (< netcoreapp2.0)) (&& (== netcoreapp3.1) (< netstandard1.1)) (&& (== netcoreapp3.1) (< netstandard2.0)) (&& (== netcoreapp3.1) (>= xamarinios)) (&& (== netcoreapp3.1) (>= xamarinmac)) (&& (== netcoreapp3.1) (>= xamarintvos)) (&& (== netcoreapp3.1) (>= xamarinwatchos)) (== netstandard2.0)
      System.Numerics.Vectors (>= 4.4) - restriction: || (&& (== net5.0) (< netcoreapp2.0)) (&& (== netcoreapp3.1) (< netcoreapp2.0)) (== netstandard2.0)
      System.Runtime.CompilerServices.Unsafe (>= 4.5.3) - restriction: || (&& (== net5.0) (>= monoandroid)) (&& (== net5.0) (>= monotouch)) (&& (== net5.0) (>= net461)) (&& (== net5.0) (< netcoreapp2.0)) (&& (== net5.0) (< netcoreapp2.1)) (&& (== net5.0) (< netstandard1.1)) (&& (== net5.0) (< netstandard2.0)) (&& (== net5.0) (>= uap10.1)) (&& (== net5.0) (>= xamarinios)) (&& (== net5.0) (>= xamarinmac)) (&& (== net5.0) (>= xamarintvos)) (&& (== net5.0) (>= xamarinwatchos)) (&& (== netcoreapp3.1) (>= monoandroid)) (&& (== netcoreapp3.1) (>= monotouch)) (&& (== netcoreapp3.1) (>= net461)) (&& (== netcoreapp3.1) (< netcoreapp2.0)) (&& (== netcoreapp3.1) (< netcoreapp2.1)) (&& (== netcoreapp3.1) (< netstandard1.1)) (&& (== netcoreapp3.1) (< netstandard2.0)) (&& (== netcoreapp3.1) (>= uap10.1)) (&& (== netcoreapp3.1) (>= xamarinios)) (&& (== netcoreapp3.1) (>= xamarinmac)) (&& (== netcoreapp3.1) (>= xamarintvos)) (&& (== netcoreapp3.1) (>= xamarinwatchos)) (== netstandard2.0)
    System.Numerics.Vectors (4.5) - restriction: || (&& (== net5.0) (< netcoreapp2.0)) (&& (== netcoreapp3.1) (< netcoreapp2.0)) (== netstandard2.0)
    System.Reflection (4.3) - restriction: || (== net5.0) (== netcoreapp3.1) (&& (== netstandard2.0) (>= netcoreapp1.1))
      Microsoft.NETCore.Platforms (>= 1.1)
      Microsoft.NETCore.Targets (>= 1.1)
      System.IO (>= 4.3)
      System.Reflection.Primitives (>= 4.3)
      System.Runtime (>= 4.3)
    System.Reflection.Emit.ILGeneration (4.7) - restriction: || (&& (== net5.0) (< netcoreapp2.0) (< netstandard2.1)) (&& (== net5.0) (< netstandard2.0)) (&& (== net5.0) (< portable-net45+wp8)) (&& (== net5.0) (>= uap10.1)) (&& (== netcoreapp3.1) (< netcoreapp2.0) (< netstandard2.1)) (&& (== netcoreapp3.1) (< netstandard2.0)) (&& (== netcoreapp3.1) (< portable-net45+wp8)) (&& (== netcoreapp3.1) (>= uap10.1)) (== netstandard2.0)
    System.Reflection.Emit.Lightweight (4.7)
      System.Reflection.Emit.ILGeneration (>= 4.7) - restriction: || (&& (== net5.0) (< netcoreapp2.0) (< netstandard2.1)) (&& (== net5.0) (< netstandard2.0)) (&& (== net5.0) (< portable-net45+wp8)) (&& (== net5.0) (>= uap10.1)) (&& (== netcoreapp3.1) (< netcoreapp2.0) (< netstandard2.1)) (&& (== netcoreapp3.1) (< netstandard2.0)) (&& (== netcoreapp3.1) (< portable-net45+wp8)) (&& (== netcoreapp3.1) (>= uap10.1)) (== netstandard2.0)
    System.Reflection.Extensions (4.3) - restriction: || (== net5.0) (== netcoreapp3.1) (&& (== netstandard2.0) (>= netcoreapp1.1))
      Microsoft.NETCore.Platforms (>= 1.1)
      Microsoft.NETCore.Targets (>= 1.1)
      System.Reflection (>= 4.3)
      System.Runtime (>= 4.3)
    System.Reflection.Primitives (4.3) - restriction: || (== net5.0) (== netcoreapp3.1) (&& (== netstandard2.0) (>= netcoreapp1.1))
      Microsoft.NETCore.Platforms (>= 1.1)
      Microsoft.NETCore.Targets (>= 1.1)
      System.Runtime (>= 4.3)
    System.Resources.ResourceManager (4.3) - restriction: || (== net5.0) (== netcoreapp3.1) (&& (== netstandard2.0) (>= netcoreapp1.1))
      Microsoft.NETCore.Platforms (>= 1.1)
      Microsoft.NETCore.Targets (>= 1.1)
      System.Globalization (>= 4.3)
      System.Reflection (>= 4.3)
      System.Runtime (>= 4.3)
    System.Runtime (4.3.1)
      Microsoft.NETCore.Platforms (>= 1.1.1)
      Microsoft.NETCore.Targets (>= 1.1.3)
    System.Runtime.CompilerServices.Unsafe (5.0) - restriction: || (&& (== net5.0) (>= monoandroid)) (&& (== net5.0) (>= monotouch)) (&& (== net5.0) (>= net461)) (&& (== net5.0) (< netcoreapp2.0)) (&& (== net5.0) (< netcoreapp2.1)) (&& (== net5.0) (< netstandard1.1)) (&& (== net5.0) (< netstandard2.0)) (&& (== net5.0) (>= uap10.1)) (&& (== net5.0) (>= xamarinios)) (&& (== net5.0) (>= xamarinmac)) (&& (== net5.0) (>= xamarintvos)) (&& (== net5.0) (>= xamarinwatchos)) (&& (== netcoreapp3.1) (>= monoandroid)) (&& (== netcoreapp3.1) (>= monotouch)) (&& (== netcoreapp3.1) (>= net461)) (&& (== netcoreapp3.1) (< netcoreapp2.0)) (&& (== netcoreapp3.1) (< netcoreapp2.1)) (&& (== netcoreapp3.1) (< netstandard1.1)) (&& (== netcoreapp3.1) (< netstandard2.0)) (&& (== netcoreapp3.1) (>= uap10.1)) (&& (== netcoreapp3.1) (>= xamarinios)) (&& (== netcoreapp3.1) (>= xamarinmac)) (&& (== netcoreapp3.1) (>= xamarintvos)) (&& (== netcoreapp3.1) (>= xamarinwatchos)) (== netstandard2.0)
    System.Runtime.Handles (4.3)
      Microsoft.NETCore.Platforms (>= 1.1)
      Microsoft.NETCore.Targets (>= 1.1)
      System.Runtime (>= 4.3)
    System.Runtime.InteropServices (4.3) - restriction: || (== net5.0) (== netcoreapp3.1) (&& (== netstandard2.0) (>= netcoreapp1.1))
      Microsoft.NETCore.Platforms (>= 1.1)
      Microsoft.NETCore.Targets (>= 1.1)
      System.Reflection (>= 4.3)
      System.Reflection.Primitives (>= 4.3)
      System.Runtime (>= 4.3)
      System.Runtime.Handles (>= 4.3)
    System.Runtime.InteropServices.RuntimeInformation (4.3) - restriction: || (== net5.0) (== netcoreapp3.1) (&& (== netstandard2.0) (>= netcoreapp1.1))
      runtime.native.System (>= 4.3)
      System.Reflection (>= 4.3)
      System.Reflection.Extensions (>= 4.3)
      System.Resources.ResourceManager (>= 4.3)
      System.Runtime (>= 4.3)
      System.Runtime.InteropServices (>= 4.3)
      System.Threading (>= 4.3)
    System.Security.AccessControl (5.0)
      Microsoft.NETCore.Platforms (>= 5.0) - restriction: || (== net5.0) (== netcoreapp3.1) (&& (== netstandard2.0) (>= netcoreapp2.0))
      System.Security.Principal.Windows (>= 5.0)
    System.Security.Cryptography.ProtectedData (5.0)
      System.Memory (>= 4.5.4) - restriction: || (&& (== net5.0) (< netcoreapp2.1)) (&& (== netcoreapp3.1) (< netcoreapp2.1)) (== netstandard2.0)
    System.Security.Permissions (5.0)
      System.Security.AccessControl (>= 5.0)
      System.Windows.Extensions (>= 5.0) - restriction: || (== net5.0) (== netcoreapp3.1) (&& (== netstandard2.0) (>= netcoreapp3.0))
    System.Security.Principal.Windows (5.0)
    System.Text.Encoding (4.3)
      Microsoft.NETCore.Platforms (>= 1.1)
      Microsoft.NETCore.Targets (>= 1.1)
      System.Runtime (>= 4.3)
    System.Text.Encoding.Extensions (4.3)
      Microsoft.NETCore.Platforms (>= 1.1)
      Microsoft.NETCore.Targets (>= 1.1)
      System.Runtime (>= 4.3)
      System.Text.Encoding (>= 4.3)
    System.Threading (4.3) - restriction: || (== net5.0) (== netcoreapp3.1) (&& (== netstandard2.0) (>= netcoreapp1.1))
      System.Runtime (>= 4.3)
      System.Threading.Tasks (>= 4.3)
    System.Threading.Tasks (4.3)
      Microsoft.NETCore.Platforms (>= 1.1)
      Microsoft.NETCore.Targets (>= 1.1)
      System.Runtime (>= 4.3)
    System.Threading.Timer (4.3)
      Microsoft.NETCore.Platforms (>= 1.1)
      Microsoft.NETCore.Targets (>= 1.1)
      System.Runtime (>= 4.3)
    System.Windows.Extensions (5.0) - restriction: || (== net5.0) (== netcoreapp3.1) (&& (== netstandard2.0) (>= netcoreapp3.0))
      System.Drawing.Common (>= 5.0) - restriction: || (== net5.0) (== netcoreapp3.1) (&& (== netstandard2.0) (>= netcoreapp3.0))
    XPlot.GoogleCharts (3.0.1)
      FSharp.Core (>= 4.5.2)
      Google.DataTable.Net.Wrapper (>= 4.0)
      Newtonsoft.Json (>= 12.0.2)
    XPlot.GoogleCharts.Deedle (3.0.1)
      Deedle (>= 2.1)
      FSharp.Core (>= 4.5.2)
      XPlot.GoogleCharts (>= 3.0.1)
    XPlot.Plotly (3.0.1)
      FSharp.Core (>= 4.5.2)
      Newtonsoft.Json (>= 12.0.2)
    xunit (2.4.1)
      xunit.analyzers (>= 0.10)
      xunit.assert (2.4.1)
      xunit.core (2.4.1)
    xunit.abstractions (2.0.3)
    xunit.analyzers (0.10)
    xunit.assert (2.4.1)
      NETStandard.Library (>= 1.6.1)
    xunit.core (2.4.1)
      xunit.extensibility.core (2.4.1)
      xunit.extensibility.execution (2.4.1)
    xunit.extensibility.core (2.4.1)
      NETStandard.Library (>= 1.6.1)
      xunit.abstractions (>= 2.0.3)
    xunit.extensibility.execution (2.4.1)
      NETStandard.Library (>= 1.6.1)
      xunit.extensibility.core (2.4.1)
    xunit.runner.visualstudio (2.4.3)
