GENERATE-LOAD-SCRIPTS: ON
RESTRICTION: || (== net8.0) (== net8.0-windows7.0)
NUGET
  remote: https://api.nuget.org/v3/index.json
    Argu (6.1.4)
      FSharp.Core (>= 4.3.2)
      System.Configuration.ConfigurationManager (>= 4.4)
    Deedle (3.0)
      FSharp.Core (>= 4.5.2)
    FsCheck (2.16.6)
      FSharp.Core (>= 4.2.3)
    FsCheck.Xunit (2.16.6)
      FsCheck (2.16.6)
      xunit.extensibility.execution (>= 2.2 < 3.0)
    FSharp.Control.AsyncSeq (3.2.1)
      FSharp.Core (>= 4.7.2)
      Microsoft.Bcl.AsyncInterfaces (>= 5.0)
    FSharp.Core (8.0.101)
    FSharp.Data (6.3)
      FSharp.Core (>= 5.0.1)
      FSharp.Data.Csv.Core (>= 6.3)
      FSharp.Data.Html.Core (>= 6.3)
      FSharp.Data.Http (>= 6.3)
      FSharp.Data.Json.Core (>= 6.3)
      FSharp.Data.Runtime.Utilities (>= 6.3)
      FSharp.Data.WorldBank.Core (>= 6.3)
      FSharp.Data.Xml.Core (>= 6.3)
    FSharp.Data.Csv.Core (6.3)
      FSharp.Core (>= 5.0.1)
      FSharp.Data.Runtime.Utilities (>= 6.3)
    FSharp.Data.Html.Core (6.3)
      FSharp.Core (>= 5.0.1)
      FSharp.Data.Csv.Core (>= 6.3)
      FSharp.Data.Runtime.Utilities (>= 6.3)
    FSharp.Data.Http (6.3)
      FSharp.Core (>= 5.0.1)
    FSharp.Data.Json.Core (6.3)
      FSharp.Core (>= 5.0.1)
      FSharp.Data.Http (>= 6.3)
      FSharp.Data.Runtime.Utilities (>= 6.3)
    FSharp.Data.Runtime.Utilities (6.3)
      FSharp.Core (>= 5.0.1)
      FSharp.Data.Http (>= 6.3)
    FSharp.Data.WorldBank.Core (6.3)
      FSharp.Core (>= 5.0.1)
      FSharp.Data.Http (>= 6.3)
      FSharp.Data.Json.Core (>= 6.3)
      FSharp.Data.Runtime.Utilities (>= 6.3)
    FSharp.Data.Xml.Core (6.3)
      FSharp.Core (>= 5.0.1)
      FSharp.Data.Http (>= 6.3)
      FSharp.Data.Json.Core (>= 6.3)
      FSharp.Data.Runtime.Utilities (>= 6.3)
    FSharpx.Async (1.14.1)
      FSharp.Control.AsyncSeq (>= 2.0.21)
      FSharp.Core (>= 4.6.2)
    FSharpx.Collections (3.1)
      FSharp.Core (>= 4.3.4)
    FSharpx.Extras (3.1)
      FSharp.Core (>= 4.6.2)
      FSharpx.Async (>= 1.14.1)
      FSharpx.Collections (>= 2.1.2)
      System.Reflection.Emit.Lightweight (>= 4.7)
    MathNet.Numerics (5.0)
    MathNet.Numerics.FSharp (5.0)
      FSharp.Core (>= 6.0.2)
      MathNet.Numerics (>= 5.0)
    MathNet.Numerics.MKL.Win-x64 (3.0)
      MathNet.Numerics.Providers.MKL (>= 5.0)
    MathNet.Numerics.Providers.MKL (5.0)
      MathNet.Numerics (>= 5.0)
    Microsoft.Bcl.AsyncInterfaces (8.0)
    Microsoft.CodeCoverage (17.8)
    Microsoft.NET.Test.Sdk (17.8)
      Microsoft.CodeCoverage (>= 17.8)
      Microsoft.TestPlatform.TestHost (>= 17.8)
    Microsoft.TestPlatform.ObjectModel (17.8)
      NuGet.Frameworks (>= 6.5)
      System.Reflection.Metadata (>= 1.6)
    Microsoft.TestPlatform.TestHost (17.8)
      Microsoft.TestPlatform.ObjectModel (>= 17.8)
      Newtonsoft.Json (>= 13.0.1)
    Newtonsoft.Json (13.0.3)
    NuGet.Frameworks (6.8)
    QLNet (1.11.4)
      System.Reflection.Emit.Lightweight (>= 4.3)
    Serilog (3.1.1)
    Serilog.Sinks.File (5.0)
      Serilog (>= 2.10)
    System.Collections.Immutable (8.0)
    System.Configuration.ConfigurationManager (8.0)
      System.Diagnostics.EventLog (>= 8.0)
      System.Security.Cryptography.ProtectedData (>= 8.0)
    System.Diagnostics.EventLog (8.0)
    System.Reflection.Emit.Lightweight (4.7)
    System.Reflection.Metadata (8.0)
      System.Collections.Immutable (>= 8.0)
    System.Security.Cryptography.ProtectedData (8.0)
    XUnit (2.6.6)
      xunit.analyzers (>= 1.10)
      xunit.assert (>= 2.6.6)
      xunit.core (2.6.6)
    xunit.abstractions (2.0.3)
    xunit.analyzers (1.10)
    xunit.assert (2.6.6)
    xunit.core (2.6.6)
      xunit.extensibility.core (2.6.6)
      xunit.extensibility.execution (2.6.6)
    xunit.extensibility.core (2.6.6)
      xunit.abstractions (>= 2.0.3)
    xunit.extensibility.execution (2.6.6)
      xunit.extensibility.core (2.6.6)
    xunit.runner.visualstudio (2.5.6)
